GIT
  remote: https://github.com/department-of-veterans-affairs/caseflow-commons
  revision: b743c64156efa7298ae81d945833c9f1db93a8cb
  ref: b743c64
  specs:
    caseflow (0.1.5)
      bourbon
      d3-rails
      jquery-rails
      momentjs-rails
      neat
      us_web_design_standards

GIT
  remote: https://github.com/department-of-veterans-affairs/connect_vbms.git
  revision: d91deab540d7bc46822db1226a382d3deacc7535
  branch: master
  specs:
    connect_vbms (1.2.0)
      httpclient (~> 2.8.0)
      httpi (~> 2.4)
      mail
      nokogiri (>= 1.8.2)
      nori
      xmldsig (~> 0.3.1)
      xmlenc

GIT
  remote: https://github.com/department-of-veterans-affairs/connect_vva.git
  revision: ecc1da3f1027e6c270af264de46dc1cb4974fa47
  branch: master
  specs:
    connect_vva (0.1)
      savon (~> 2.11, >= 2.11.0)

GIT
  remote: https://github.com/department-of-veterans-affairs/ruby-bgs.git
  revision: bc9c89591ac5830939476bd6eb96c1a2b415fdcb
  branch: master
  specs:
    bgs (0.2)
      nokogiri (~> 1.8.2)
      savon (~> 2.11)

GEM
  remote: https://rubygems.org/
  specs:
    actioncable (5.0.7)
      actionpack (= 5.0.7)
      nio4r (>= 1.2, < 3.0)
      websocket-driver (~> 0.6.1)
    actionmailer (5.0.7)
      actionpack (= 5.0.7)
      actionview (= 5.0.7)
      activejob (= 5.0.7)
      mail (~> 2.5, >= 2.5.4)
      rails-dom-testing (~> 2.0)
    actionpack (5.0.7)
      actionview (= 5.0.7)
      activesupport (= 5.0.7)
      rack (~> 2.0)
      rack-test (~> 0.6.3)
      rails-dom-testing (~> 2.0)
      rails-html-sanitizer (~> 1.0, >= 1.0.2)
    actionview (5.0.7)
      activesupport (= 5.0.7)
      builder (~> 3.1)
      erubis (~> 2.7.0)
      rails-dom-testing (~> 2.0)
      rails-html-sanitizer (~> 1.0, >= 1.0.3)
    activejob (5.0.7)
      activesupport (= 5.0.7)
      globalid (>= 0.3.6)
    activemodel (5.0.7)
      activesupport (= 5.0.7)
    activerecord (5.0.7)
      activemodel (= 5.0.7)
      activesupport (= 5.0.7)
      arel (~> 7.0)
    activerecord-oracle_enhanced-adapter (1.7.11)
      activerecord (~> 5.0.0)
      arel (~> 7.1.4)
      ruby-plsql (>= 0.5.0)
    activesupport (5.0.7)
      concurrent-ruby (~> 1.0, >= 1.0.2)
      i18n (>= 0.7, < 2)
      minitest (~> 5.1)
      tzinfo (~> 1.1)
    akami (1.3.1)
      gyoku (>= 0.4.0)
      nokogiri
    arel (7.1.4)
    bindex (0.5.0)
    bourbon (5.0.0)
      sass (~> 3.4)
      thor (~> 0.19)
    builder (3.2.3)
    byebug (10.0.2)
    coderay (1.1.2)
    coffee-rails (4.2.2)
      coffee-script (>= 2.2.0)
      railties (>= 4.0.0)
    coffee-script (2.4.1)
      coffee-script-source
      execjs
    coffee-script-source (1.12.2)
    concurrent-ruby (1.0.5)
    crass (1.0.4)
    d3-rails (5.4.0)
      railties (>= 3.1)
    dogapi (1.30)
      multi_json
    dotenv (2.4.0)
    dotenv-rails (2.4.0)
      dotenv (= 2.4.0)
      railties (>= 3.2, < 6.0)
    erubis (2.7.0)
    execjs (2.7.0)
    ffi (1.9.25)
    globalid (0.4.1)
      activesupport (>= 4.2.0)
    gyoku (1.3.1)
      builder (>= 2.1.2)
    httpclient (2.8.3)
    httpi (2.4.3)
      rack
      socksify
    i18n (1.0.1)
      concurrent-ruby (~> 1.0)
    jbuilder (2.7.0)
      activesupport (>= 4.2.0)
      multi_json (>= 1.2)
    jquery-rails (4.3.3)
      rails-dom-testing (>= 1, < 3)
      railties (>= 4.2.0)
      thor (>= 0.14, < 2.0)
    listen (3.0.8)
      rb-fsevent (~> 0.9, >= 0.9.4)
      rb-inotify (~> 0.9, >= 0.9.7)
    loofah (2.2.2)
      crass (~> 1.0.2)
      nokogiri (>= 1.5.9)
    mail (2.7.0)
      mini_mime (>= 0.1.1)
    method_source (0.9.0)
    mini_mime (1.0.0)
    mini_portile2 (2.3.0)
    minitest (5.11.3)
    momentjs-rails (2.20.1)
      railties (>= 3.1)
    multi_json (1.13.1)
    neat (2.1.0)
      sass (~> 3.4)
      thor (~> 0.19)
    nio4r (2.3.1)
    nokogiri (1.8.2)
      mini_portile2 (~> 2.3.0)
    nori (2.6.0)
    prometheus-client (0.8.0)
      quantile (~> 0.2.1)
    pry (0.11.3)
      coderay (~> 1.1.0)
      method_source (~> 0.9.0)
    puma (3.11.4)
    quantile (0.2.1)
    rack (2.0.5)
    rack-test (0.6.3)
      rack (>= 1.0)
    rails (5.0.7)
      actioncable (= 5.0.7)
      actionmailer (= 5.0.7)
      actionpack (= 5.0.7)
      actionview (= 5.0.7)
      activejob (= 5.0.7)
      activemodel (= 5.0.7)
      activerecord (= 5.0.7)
      activesupport (= 5.0.7)
      bundler (>= 1.3.0)
      railties (= 5.0.7)
      sprockets-rails (>= 2.0.0)
    rails-dom-testing (2.0.3)
      activesupport (>= 4.2.0)
      nokogiri (>= 1.6)
    rails-html-sanitizer (1.0.4)
      loofah (~> 2.2, >= 2.2.2)
    railties (5.0.7)
      actionpack (= 5.0.7)
      activesupport (= 5.0.7)
      method_source
      rake (>= 0.8.7)
      thor (>= 0.18.1, < 2.0)
    rake (12.3.1)
    rb-fsevent (0.10.3)
    rb-inotify (0.9.10)
      ffi (>= 0.5.0, < 2)
    ruby-oci8 (2.2.5.1)
    ruby-plsql (0.6.0)
    sass (3.5.6)
      sass-listen (~> 4.0.0)
    sass-listen (4.0.0)
      rb-fsevent (~> 0.9, >= 0.9.4)
      rb-inotify (~> 0.9, >= 0.9.7)
    sass-rails (5.0.7)
      railties (>= 4.0.0, < 6)
      sass (~> 3.1)
      sprockets (>= 2.8, < 4.0)
      sprockets-rails (>= 2.0, < 4.0)
      tilt (>= 1.1, < 3)
    savon (2.12.0)
      akami (~> 1.2)
      builder (>= 2.1.2)
      gyoku (~> 1.2)
      httpi (~> 2.3)
      nokogiri (>= 1.8.1)
      nori (~> 2.4)
      wasabi (~> 3.4)
    socksify (1.7.1)
    sprockets (3.7.1)
      concurrent-ruby (~> 1.0)
      rack (> 1, < 3)
    sprockets-rails (3.2.1)
      actionpack (>= 4.0)
      activesupport (>= 4.0)
      sprockets (>= 3.0.0)
    sqlite3 (1.3.13)
    thor (0.20.0)
    thread_safe (0.3.6)
    tilt (2.0.8)
    turbolinks (5.1.1)
      turbolinks-source (~> 5.1)
    turbolinks-source (5.1.0)
    tzinfo (1.2.5)
      thread_safe (~> 0.1)
    tzinfo-data (1.2018.5)
      tzinfo (>= 1.0.0)
    uglifier (4.1.11)
      execjs (>= 0.3.0, < 3)
    us_web_design_standards (0.0.2)
      railties
      sass (~> 3.4)
    wasabi (3.5.0)
      httpi (~> 2.0)
      nokogiri (>= 1.4.2)
    web-console (3.6.2)
      actionview (>= 5.0)
      activemodel (>= 5.0)
      bindex (>= 0.4.0)
      railties (>= 5.0)
    websocket-driver (0.6.5)
      websocket-extensions (>= 0.1.0)
    websocket-extensions (0.1.3)
    xmldsig (0.3.2)
      nokogiri
    xmlenc (0.7.1)
      activemodel (>= 3.0.0)
      activesupport (>= 3.0.0)
      nokogiri (>= 1.6.0, < 2.0.0)
      xmlmapper (>= 0.7.3)
    xmlmapper (0.7.3)
      nokogiri (~> 1.5)

PLATFORMS
  ruby

DEPENDENCIES
  activerecord-oracle_enhanced-adapter (~> 1.7.0)
  bgs!
  byebug
  caseflow!
  coffee-rails (~> 4.2)
  connect_vbms!
  connect_vva!
  dogapi
  dotenv-rails
  jbuilder (~> 2.5)
  jquery-rails
  listen (~> 3.0.5)
  prometheus-client
  pry
  puma (~> 3.0)
  rails (~> 5.0.1)
  ruby-oci8
  sass-rails (~> 5.0)
  sqlite3
  turbolinks (~> 5)
  tzinfo-data
  uglifier (>= 1.3.0)
  web-console (>= 3.3.0)

BUNDLED WITH
   1.16.1
